GEM
  remote: https://rubygems.org/
  specs:
    json (1.8.1)
    rack (1.6.4)
    rack-protection (1.5.1)
      rack
    shotgun (0.9)
      rack (>= 1.0)
    sinatra (1.4.3)
      rack (~> 1.4)
      rack-protection (~> 1.4)
      tilt (~> 1.3, >= 1.3.4)
    tilt (1.4.1)

PLATFORMS
  ruby

DEPENDENCIES
  json (= 1.8.1)
  shotgun (= 0.9)
  sinatra (= 1.4.3)

BUNDLED WITH
   1.13.6
